GEM
  remote: http://rubygems.org/
  specs:
    bubble-wrap (1.1.2)
    motion-testflight (1.1)
    rake (0.9.2.2)

PLATFORMS
  ruby

DEPENDENCIES
  bubble-wrap
  motion-testflight
  rake
